GEM
  remote: https://rubygems.org/
  specs:
    base64 (0.2.0)
    domain_name (0.6.20240107)
    ffi (1.16.3)
    ffi (1.16.3-x64-mingw-ucrt)
    http-accept (1.7.0)
    http-cookie (1.0.5)
      domain_name (~> 0.5)
    listen (3.8.0)
      rb-fsevent (~> 0.10, >= 0.10.3)
      rb-inotify (~> 0.9, >= 0.9.10)
    mime-types (3.5.2)
      mime-types-data (~> 3.2015)
    mime-types-data (3.2024.0206)
    mustermann (3.0.0)
      ruby2_keywords (~> 0.0.1)
    netrc (0.11.0)
    nio4r (2.7.0)
    puma (6.4.2)
      nio4r (~> 2.0)
    rack (3.0.9.1)
    rack-protection (4.0.0)
      base64 (>= 0.1.0)
      rack (>= 3.0.0, < 4)
    rack-session (2.0.0)
      rack (>= 3.0.0)
    rackup (2.1.0)
      rack (>= 3)
      webrick (~> 1.8)
    rb-fsevent (0.11.2)
    rb-inotify (0.10.1)
      ffi (~> 1.0)
    rerun (0.14.0)
      listen (~> 3.0)
    rest-client (2.1.0)
      http-accept (>= 1.7.0, < 2.0)
      http-cookie (>= 1.0.2, < 2.0)
      mime-types (>= 1.16, < 4.0)
      netrc (~> 0.8)
    ruby2_keywords (0.0.5)
    sinatra (4.0.0)
      mustermann (~> 3.0)
      rack (>= 3.0.0, < 4)
      rack-protection (= 4.0.0)
      rack-session (>= 2.0.0, < 3)
      tilt (~> 2.0)
    tilt (2.3.0)
    wdm (0.1.1)
    webrick (1.8.1)

PLATFORMS
  x64-mingw-ucrt
  x86_64-linux

DEPENDENCIES
  puma
  rackup
  rerun
  rest-client
  sinatra
  wdm (>= 0.1.0)

BUNDLED WITH
   2.2.3
